GEM
  remote: https://rubygems.org/
  specs:
    passenger (5.1.11)
      rack
      rake (>= 0.8.1)
    rack (1.6.8)
    rake (12.1.0)
    sinatra (1.1.0)
      rack (~> 1.1)
      tilt (~> 1.1)
    tilt (1.4.1)

PLATFORMS
  ruby

DEPENDENCIES
  passenger (>= 5.1.11)
  sinatra (= 1.1.0)

BUNDLED WITH
   1.15.4
