GEM
  remote: https://rubygems.org/
  specs:
    daemon_controller (1.1.5)
    passenger (4.0.20)
      daemon_controller (>= 1.1.0)
      rack
      rake (>= 0.8.1)
    rack (1.5.2)
    rake (10.1.0)
    sinatra (1.1.0)
      rack (~> 1.1)
      tilt (~> 1.1)
    tilt (1.4.1)

PLATFORMS
  ruby

DEPENDENCIES
  passenger (>= 4.0.20)
  sinatra (= 1.1.0)
